PATH
  remote: .
  specs:
    has_meta_data (1.1.0)
      activerecord (>= 3.0.0)
      activesupport (>= 3.0.0)

GEM
  remote: http://rubygems.org/
  specs:
    activemodel (6.0.6.1)
      activesupport (= 6.0.6.1)
    activerecord (6.0.6.1)
      activemodel (= 6.0.6.1)
      activesupport (= 6.0.6.1)
    activesupport (6.0.6.1)
      concurrent-ruby (~> 1.0, >= 1.0.2)
      i18n (>= 0.7, < 2)
      minitest (~> 5.1)
      tzinfo (~> 1.1)
      zeitwerk (~> 2.2, >= 2.2.2)
    appraisal (0.4.1)
      bundler
      rake
    concurrent-ruby (1.1.10)
    diff-lcs (1.1.3)
    factory_girl (2.6.4)
      activesupport (>= 2.3.9)
    faker (1.0.1)
      i18n (~> 0.4)
    i18n (0.9.5)
      concurrent-ruby (~> 1.0)
    json (1.6.6)
    minitest (5.17.0)
    rake (0.9.2.2)
    rdoc (3.12)
      json (~> 1.4)
    rspec (2.9.0)
      rspec-core (~> 2.9.0)
      rspec-expectations (~> 2.9.0)
      rspec-mocks (~> 2.9.0)
    rspec-core (2.9.0)
    rspec-expectations (2.9.0)
      diff-lcs (~> 1.1.3)
    rspec-mocks (2.9.0)
    sqlite3 (1.3.5)
    thread_safe (0.3.6)
    tzinfo (1.2.10)
      thread_safe (~> 0.1)
    zeitwerk (2.6.6)

PLATFORMS
  ruby

DEPENDENCIES
  appraisal (~> 0.4.0)
  factory_girl (~> 2.6.2)
  faker (~> 1.0.0)
  has_meta_data!
  rake
  rdoc (~> 3.12)
  rspec (~> 2.0)
  sqlite3 (~> 1.3.4)
